GEM
  remote: https://rubygems.org/
  specs:
    bson (1.11.1)
    faker (1.4.3)
      i18n (~> 0.5)
    i18n (0.6.11)
    mongo (1.11.1)
      bson (= 1.11.1)

PLATFORMS
  ruby

DEPENDENCIES
  faker
  mongo

BUNDLED WITH
   1.10.1
